PATH
  remote: .
  specs:
    regorusrb (0.2.1)
      rb_sys (~> 0.9.97)

GEM
  remote: https://rubygems.org/
  specs:
    ast (2.4.2)
    json (2.7.2)
    language_server-protocol (3.17.0.3)
    minitest (5.24.1)
    parallel (1.25.1)
    parser (3.3.4.0)
      ast (~> 2.4.1)
      racc
    racc (1.8.0)
    rainbow (3.1.1)
    rake (13.2.1)
    rake-compiler (1.2.7)
      rake
    rake-compiler-dock (1.5.1)
    rb_sys (0.9.99)
    regexp_parser (2.9.2)
    rexml (3.3.6)
      strscan
    rubocop (1.65.0)
      json (~> 2.3)
      language_server-protocol (>= 3.17.0)
      parallel (~> 1.10)
      parser (>= 3.3.0.2)
      rainbow (>= 2.2.2, < 4.0)
      regexp_parser (>= 2.4, < 3.0)
      rexml (>= 3.2.5, < 4.0)
      rubocop-ast (>= 1.31.1, < 2.0)
      ruby-progressbar (~> 1.7)
      unicode-display_width (>= 2.4.0, < 3.0)
    rubocop-ast (1.31.3)
      parser (>= 3.3.1.0)
    rubocop-minitest (0.35.1)
      rubocop (>= 1.61, < 2.0)
      rubocop-ast (>= 1.31.1, < 2.0)
    rubocop-rake (0.6.0)
      rubocop (~> 1.0)
    ruby-progressbar (1.13.0)
    strscan (3.1.0)
    unicode-display_width (2.5.0)

PLATFORMS
  ruby
  x86_64-linux

DEPENDENCIES
  minitest (~> 5.23)
  rake (~> 13.2)
  rake-compiler
  rake-compiler-dock
  regorusrb!
  rubocop (~> 1.64)
  rubocop-minitest
  rubocop-rake

BUNDLED WITH
   2.5.13
